GEM
  remote: http://rubygems.org/
  specs:
    diff-lcs (1.3)
    facter (1.7.6)
    hiera-puppet-helper (1.0.1)
    metaclass (0.0.4)
    mocha (1.9.0)
      metaclass (~> 0.0.1)
    puppet (2.7.26)
      facter (~> 1.5)
    puppet-lint (0.3.2)
    puppet-syntax (2.6.0)
      rake
    puppetlabs_spec_helper (1.1.1)
      mocha
      puppet-lint
      puppet-syntax
      rake
      rspec-puppet
    rake (10.1.0)
    rspec (3.9.0)
      rspec-core (~> 3.9.0)
      rspec-expectations (~> 3.9.0)
      rspec-mocks (~> 3.9.0)
    rspec-core (3.9.0)
      rspec-support (~> 3.9.0)
    rspec-expectations (3.9.0)
      diff-lcs (>= 1.2.0, < 2.0)
      rspec-support (~> 3.9.0)
    rspec-mocks (3.9.0)
      diff-lcs (>= 1.2.0, < 2.0)
      rspec-support (~> 3.9.0)
    rspec-puppet (2.7.8)
      rspec
    rspec-support (3.9.0)

PLATFORMS
  ruby

DEPENDENCIES
  hiera-puppet-helper
  puppet (~> 2.7)
  puppet-lint
  puppetlabs_spec_helper
  rake
